PATH
  remote: .
  specs:
    stud (0.0.7)

GEM
  remote: http://rubygems.org/
  specs:
    diff-lcs (1.1.3)
    insist (0.0.5)
    rspec (2.10.0)
      rspec-core (~> 2.10.0)
      rspec-expectations (~> 2.10.0)
      rspec-mocks (~> 2.10.0)
    rspec-core (2.10.1)
    rspec-expectations (2.10.0)
      diff-lcs (~> 1.1.3)
    rspec-mocks (2.10.1)

PLATFORMS
  ruby

DEPENDENCIES
  insist
  rspec
  stud!
